GIT
  remote: git://github.com/rb2k/viddl-rb.git
  revision: 2a6fac54c576efb46d8f2e4982a5fbbc21752be0
  specs:
    viddl-rb (0.92)
      mechanize
      mime-types (~> 1.2)
      multi_json
      nokogiri (~> 1.5.0)
      progressbar

GEM
  remote: https://rubygems.org/
  specs:
    domain_name (0.5.15)
      unf (>= 0.0.5, < 1.0.0)
    http-cookie (1.0.2)
      domain_name (~> 0.5)
    mechanize (2.7.2)
      domain_name (~> 0.5, >= 0.5.1)
      http-cookie (~> 1.0.0)
      mime-types (~> 1.17, >= 1.17.2)
      net-http-digest_auth (~> 1.1, >= 1.1.1)
      net-http-persistent (~> 2.5, >= 2.5.2)
      nokogiri (~> 1.4)
      ntlm-http (~> 0.1, >= 0.1.1)
      webrobots (>= 0.0.9, < 0.2)
    mime-types (1.25.1)
    multi_json (1.8.2)
    net-http-digest_auth (1.4)
    net-http-persistent (2.9)
    nokogiri (1.5.11)
    ntlm-http (0.1.1)
    progressbar (0.21.0)
    unf (0.1.3)
      unf_ext
    unf_ext (0.0.6)
    webrobots (0.1.1)

PLATFORMS
  ruby

DEPENDENCIES
  viddl-rb!
